PATH
  remote: .
  specs:
    mysql2-aws_rds_iam (0.1.0)
      aws-sdk-rds (~> 1)
      mysql2
      zeitwerk (~> 2)

GEM
  remote: https://rubygems.org/
  specs:
    ansi (1.5.0)
    ast (2.4.2)
    aws-eventstream (1.2.0)
    aws-partitions (1.767.0)
    aws-sdk-core (3.173.0)
      aws-eventstream (~> 1, >= 1.0.2)
      aws-partitions (~> 1, >= 1.651.0)
      aws-sigv4 (~> 1.5)
      jmespath (~> 1, >= 1.6.1)
    aws-sdk-rds (1.179.0)
      aws-sdk-core (~> 3, >= 3.165.0)
      aws-sigv4 (~> 1.1)
    aws-sigv4 (1.5.2)
      aws-eventstream (~> 1, >= 1.0.2)
    builder (3.2.4)
    coderay (1.1.3)
    commonmarker (0.23.9)
    jmespath (1.6.2)
    json (2.6.3)
    method_source (1.0.0)
    minitest (5.18.0)
    minitest-reporters (1.6.0)
      ansi
      builder
      minitest (>= 5.0)
      ruby-progressbar
    mysql2 (0.5.5)
    parallel (1.23.0)
    parser (3.2.2.1)
      ast (~> 2.4.1)
    pry (0.14.2)
      coderay (~> 1.1)
      method_source (~> 1.0)
    rainbow (3.1.1)
    rake (13.0.6)
    regexp_parser (2.8.0)
    rexml (3.2.5)
    rubocop (1.51.0)
      json (~> 2.3)
      parallel (~> 1.10)
      parser (>= 3.2.0.0)
      rainbow (>= 2.2.2, < 4.0)
      regexp_parser (>= 1.8, < 3.0)
      rexml (>= 3.2.5, < 4.0)
      rubocop-ast (>= 1.28.0, < 2.0)
      ruby-progressbar (~> 1.7)
      unicode-display_width (>= 2.4.0, < 3.0)
    rubocop-ast (1.28.1)
      parser (>= 3.2.1.0)
    rubocop-minitest (0.31.0)
      rubocop (>= 1.39, < 2.0)
    rubocop-rake (0.6.0)
      rubocop (~> 1.0)
    ruby-progressbar (1.13.0)
    timecop (0.9.6)
    unicode-display_width (2.4.2)
    webrick (1.8.1)
    yard (0.9.34)
    zeitwerk (2.6.8)

PLATFORMS
  ruby
  x86_64-darwin-22

DEPENDENCIES
  bundler
  commonmarker
  minitest
  minitest-reporters
  mysql2-aws_rds_iam!
  pry
  rake
  rubocop
  rubocop-minitest
  rubocop-rake
  timecop
  webrick
  yard

BUNDLED WITH
   2.4.13
